GEM
  specs:
    daemons (1.3.1)
    eventmachine (1.2.7)
    graphql (1.9.6)
    graphql_server (0.1.1)
      graphql (~> 1.8)
      json (~> 1.8)
      rack (~> 2.0)
    json (1.8.3)
    rack (2.0.7)
    thin (1.7.2)
      daemons (~> 1.0, >= 1.0.9)
      eventmachine (~> 1.0, >= 1.0.4)
      rack (>= 1, < 3)

PLATFORMS
  ruby

DEPENDENCIES
  graphql_server
  rack
  thin

BUNDLED WITH
   1.17.3
